GEM
  remote: http://rubygems.org/
  specs:
    awesome_print (0.3.1)
    coderay (0.9.8)
    crack (0.1.8)
    diff-lcs (1.1.2)
    hashie (1.2.0)
    hirb (0.3.6)
    htmlentities (4.3.0)
    httparty (0.6.1)
      crack (= 0.1.8)
    httpclient (2.2.3)
    interactive_editor (0.0.6)
      spoon (>= 0.0.1)
    little-plugger (1.1.2)
    logging (1.6.1)
      little-plugger (>= 1.1.2)
    method_source (0.6.6)
      ruby_parser (~> 2.0.5)
    nokogiri (1.4.4)
    pry (0.9.6.2)
      coderay (~> 0.9.8)
      method_source (~> 0.6.5)
      ruby_parser (~> 2.0.5)
      slop (~> 2.1.0)
    rspec (2.0.1)
      rspec-core (~> 2.0.1)
      rspec-expectations (~> 2.0.1)
      rspec-mocks (~> 2.0.1)
    rspec-core (2.0.1)
    rspec-expectations (2.0.1)
      diff-lcs (>= 1.1.2)
    rspec-mocks (2.0.1)
      rspec-core (~> 2.0.1)
      rspec-expectations (~> 2.0.1)
    ruby_parser (2.0.6)
      sexp_processor (~> 3.0)
    sanitize (2.0.3)
      nokogiri (>= 1.4.4, < 1.6)
    sexp_processor (3.0.7)
    slop (2.1.0)
    spoon (0.0.1)
    wirble (0.1.3)

PLATFORMS
  ruby

DEPENDENCIES
  awesome_print
  hashie
  hirb
  htmlentities
  httparty
  httpclient
  interactive_editor
  logging
  nokogiri (~> 1.4.4)
  pry
  rspec (~> 2.0.1)
  sanitize
  wirble
